{
  "Modality": "MR",
  "MagneticFieldStrength": 3,
  "ImagingFrequency": 123.263,
  "Manufacturer": "Siemens",
  "ManufacturersModelName": "TrioTim",
  "InstitutionName": "Brigham_Young_University",
  "InstitutionalDepartmentName": "MRI",
  "InstitutionAddress": "University_Pkwy_1700_North_685_Provo_AEC1C0_UT_US_84601",
  "DeviceSerialNumber": "35002",
  "StationName": "MRC35002",
  "PatientPosition": "HFS",
  "ProcedureStepDescription": "Research_KIRWAN",
  "SoftwareVersions": "syngo_MR_B17",
  "MRAcquisitionType": "2D",
  "SeriesDescription": "Daselaar_run4",
  "ProtocolName": "Daselaar_run4",
  "ScanningSequence": "EP",
  "SequenceVariant": "SK",
  "ScanOptions": "FS",
  "SequenceName": "epfid2d1_64",
  "ImageType": [
    "ORIGINAL",
    "PRIMARY",
    "M",
    "ND",
    "MOSAIC"
  ],
  "SeriesNumber": 8,
  "AcquisitionTime": "16:39:11.637500",
  "AcquisitionNumber": 1,
  "SliceThickness": 3.8,
  "SpacingBetweenSlices": 3.8,
  "SAR": 0.164577,
  "EchoTime": 0.031,
  "RepetitionTime": 1.8,
  "FlipAngle": 90,
  "PartialFourier": 1,
  "BaseResolution": 64,
  "ShimSetting": [
    -2803,
    -22841,
    2351,
    827,
    78,
    548,
    -255,
    432
  ],
  "TxRefAmp": 324.093,
  "PhaseResolution": 1,
  "ReceiveCoilName": "HeadMatrix",
  "CoilString": "T:HEA;HEP",
  "PulseSequenceDetails": "%CustomerSeq%_ep2d_bold_PMU",
  "RefLinesPE": 24,
  "PercentPhaseFOV": 100,
  "PhaseEncodingSteps": 63,
  "AcquisitionMatrixPE": 64,
  "ReconMatrixPE": 64,
  "BandwidthPerPixelPhaseEncode": 72.674,
  "ParallelReductionFactorInPlane": 2,
  "EffectiveEchoSpacing": 0.000215001,
  "DerivedVendorReportedEchoSpacing": 0.000430002,
  "TotalReadoutTime": 0.0135451,
  "PixelBandwidth": 2894,
  "DwellTime": 2.7e-06,
  "PhaseEncodingDirection": "j-",
  "SliceTiming": [
    0.905,
    0,
    0.9575,
    0.055,
    1.01,
    0.1075,
    1.065,
    0.16,
    1.1175,
    0.2125,
    1.17,
    0.2675,
    1.2225,
    0.32,
    1.2775,
    0.3725,
    1.33,
    0.425,
    1.3825,
    0.48,
    1.435,
    0.5325,
    1.49,
    0.585,
    1.5425,
    0.64,
    1.595,
    0.6925,
    1.6475,
    0.745,
    1.7025,
    0.7975,
    1.755,
    0.8525
  ],
  "ImageOrientationPatientDICOM": [
    1,
    0,
    0,
    0,
    1,
    0
  ],
  "InPlanePhaseEncodingDirectionDICOM": "COL",
  "ConversionSoftware": "dcm2niix",
  "ConversionSoftwareVersion": "v1.0.20190902",
  "TaskName": "RecogConf"
}
