{
  "Modality": "MR",
  "MagneticFieldStrength": 3,
  "ImagingFrequency": 123.263,
  "Manufacturer": "Siemens",
  "ManufacturersModelName": "TrioTim",
  "InstitutionName": "Brigham_Young_University",
  "InstitutionalDepartmentName": "MRI",
  "InstitutionAddress": "University_Pkwy_1700_North_685_Provo_AEC1C0_UT_US_84601",
  "DeviceSerialNumber": "35002",
  "StationName": "MRC35002",
  "PatientPosition": "HFS",
  "ProcedureStepDescription": "Research_KIRWAN",
  "SoftwareVersions": "syngo_MR_B17",
  "MRAcquisitionType": "2D",
  "SeriesDescription": "Reverse_Blip",
  "ProtocolName": "Reverse_Blip",
  "ScanningSequence": "EP",
  "SequenceVariant": "SK",
  "ScanOptions": "FS",
  "SequenceName": "epfid2d1_64",
  "ImageType": [
    "ORIGINAL",
    "PRIMARY",
    "M",
    "ND",
    "MOSAIC"
  ],
  "SeriesNumber": 9,
  "AcquisitionTime": "12:42:45.240000",
  "AcquisitionNumber": 1,
  "SliceThickness": 3.8,
  "SpacingBetweenSlices": 3.8,
  "SAR": 0.17253,
  "EchoTime": 0.031,
  "RepetitionTime": 1.8,
  "FlipAngle": 90,
  "PartialFourier": 1,
  "BaseResolution": 64,
  "ShimSetting": [
    -2770,
    -22791,
    2273,
    426,
    -63,
    332,
    -386,
    435
  ],
  "TxRefAmp": 354.293,
  "PhaseResolution": 1,
  "ReceiveCoilName": "HeadMatrix",
  "CoilString": "T:HEA;HEP",
  "PulseSequenceDetails": "%CustomerSeq%_ep2d_bold_PMU",
  "RefLinesPE": 24,
  "PercentPhaseFOV": 100,
  "PhaseEncodingSteps": 63,
  "AcquisitionMatrixPE": 64,
  "ReconMatrixPE": 64,
  "BandwidthPerPixelPhaseEncode": 72.674,
  "ParallelReductionFactorInPlane": 2,
  "EffectiveEchoSpacing": 0.000215001,
  "DerivedVendorReportedEchoSpacing": 0.000430002,
  "TotalReadoutTime": 0.0135451,
  "PixelBandwidth": 2894,
  "DwellTime": 2.7e-06,
  "PhaseEncodingDirection": "j",
  "SliceTiming": [
    0.905,
    0,
    0.9575,
    0.0525,
    1.01,
    0.1075,
    1.0625,
    0.16,
    1.1175,
    0.2125,
    1.17,
    0.265,
    1.2225,
    0.32,
    1.275,
    0.3725,
    1.33,
    0.425,
    1.3825,
    0.4775,
    1.435,
    0.5325,
    1.4875,
    0.585,
    1.5425,
    0.6375,
    1.595,
    0.69,
    1.6475,
    0.745,
    1.7,
    0.7975,
    1.755,
    0.85
  ],
  "ImageOrientationPatientDICOM": [
    1,
    0,
    0,
    0,
    1,
    0
  ],
  "InPlanePhaseEncodingDirectionDICOM": "COL",
  "ConversionSoftware": "dcm2niix",
  "ConversionSoftwareVersion": "v1.0.20190902",
  "IntendedFor": [
    "func/sub-033_task-RecogConf_run-1_bold.nii.gz",
    "func/sub-033_task-RecogConf_run-2_bold.nii.gz",
    "func/sub-033_task-RecogConf_run-3_bold.nii.gz",
    "func/sub-033_task-RecogConf_run-4_bold.nii.gz"
  ]
}
