{
	"Modality": "MR",
	"MagneticFieldStrength": 3,
	"ImagingFrequency": 123.263,
	"Manufacturer": "Siemens",
	"ManufacturersModelName": "TrioTim",
	"InstitutionName": "Brigham_Young_University",
	"InstitutionalDepartmentName": "MRI",
	"InstitutionAddress": "University_Pkwy_1700_North_685_Provo_AEC1C0_UT_US_84601",
	"DeviceSerialNumber": "35002",
	"StationName": "MRC35002",
	"PatientPosition": "HFS",
	"ProcedureStepDescription": "Research_KIRWAN",
	"SoftwareVersions": "syngo_MR_B17",
	"MRAcquisitionType": "3D",
	"SeriesDescription": "t1_mpr_sag_iso_(mprage)",
	"ProtocolName": "t1_mpr_sag_iso_(mprage)",
	"ScanningSequence": "GR_IR",
	"SequenceVariant": "SP_MP_OSP",
	"ScanOptions": "IR_PFP",
	"SequenceName": "_tfl3d1_ns",
	"ImageType": ["ORIGINAL", "PRIMARY", "M", "ND", "NORM"],
	"SeriesNumber": 2,
	"AcquisitionTime": "13:28:43.847500",
	"AcquisitionNumber": 1,
	"SliceThickness": 1,
	"SAR": 0.0762622,
	"EchoTime": 0.00226,
	"RepetitionTime": 1.9,
	"InversionTime": 0.9,
	"FlipAngle": 9,
	"PartialFourier": 0.875,
	"BaseResolution": 256,
	"ShimSetting": [
		-2768,
		-22810,
		1838,
		-69,
		10,
		173,
		-426,
		363	],
	"TxRefAmp": 333.575,
	"PhaseResolution": 0.96,
	"PhaseOversampling": 0.2,
	"ReceiveCoilName": "HeadMatrix",
	"CoilString": "C:HEA;HEP",
	"PulseSequenceDetails": "%SiemensSeq%_tfl",
	"PercentPhaseFOV": 87.5,
	"PhaseEncodingSteps": 227,
	"AcquisitionMatrixPE": 215,
	"ReconMatrixPE": 224,
	"PixelBandwidth": 199,
	"DwellTime": 9.8e-06,
	"ImageOrientationPatientDICOM": [
		0,
		1,
		0,
		0,
		0,
		-1	],
	"InPlanePhaseEncodingDirectionDICOM": "ROW",
	"ConversionSoftware": "dcm2niix",
	"ConversionSoftwareVersion": "v1.0.20190902"
}
